GEM
  remote: http://prod-rubygems1-ep.tops.gdi/
  remote: https://ed5779be:de10e893@www.mikeperham.com/rubygems/
  remote: https://rubygems.org/
  specs:
    aasm (3.4.0)
    actionmailer (4.1.5)
      actionpack (= 4.1.5)
      actionview (= 4.1.5)
      mail (~> 2.5.4)
    actionpack (4.1.5)
      actionview (= 4.1.5)
      activesupport (= 4.1.5)
      rack (~> 1.5.2)
      rack-test (~> 0.6.2)
    actionview (4.1.5)
      activesupport (= 4.1.5)
      builder (~> 3.1)
      erubis (~> 2.7.0)
    activemodel (4.1.5)
      activesupport (= 4.1.5)
      builder (~> 3.1)
    activerecord (4.1.5)
      activemodel (= 4.1.5)
      activesupport (= 4.1.5)
      arel (~> 5.0.0)
    activerecord-oracle_enhanced-adapter (1.5.5.3)
    activesupport (4.1.5)
      i18n (~> 0.6, >= 0.6.9)
      json (~> 1.7, >= 1.7.7)
      minitest (~> 5.1)
      thread_safe (~> 0.1)
      tzinfo (~> 1.1)
    addressable (2.3.6)
    alphabetize (0.1.2)
    arel (5.0.1.20140414130214)
    attr_encrypted (1.3.3)
      encryptor (>= 1.3.0)
    awesome_print (1.2.0)
    bcrypt (3.1.7-java)
    brakeman (2.6.2)
      erubis (~> 2.6)
      fastercsv (~> 1.5)
      haml (>= 3.0, < 5.0)
      highline (~> 1.6.20)
      multi_json (~> 1.2)
      ruby2ruby (~> 2.1.1)
      ruby_parser (~> 3.5.0)
      sass (~> 3.0)
      slim (>= 1.3.6, < 3.0)
      terminal-table (~> 1.4)
    builder (3.2.2)
    capybara (2.4.1)
      mime-types (>= 1.16)
      nokogiri (>= 1.3.3)
      rack (>= 1.0.0)
      rack-test (>= 0.5.4)
      xpath (~> 2.0)
    celluloid (0.15.2)
      timers (~> 1.1.0)
    choice (0.1.6)
    cliver (0.3.2)
    clockwork (1.0.0)
      activesupport
      tzinfo
    coderay (1.1.0)
    colored (1.2)
    columnize (0.8.9)
    connection_pool (2.0.0)
    countries (0.9.3)
      currencies (~> 0.4.2)
    cucumber (1.3.17)
      builder (>= 2.1.2)
      diff-lcs (>= 1.1.3)
      gherkin (~> 2.12)
      multi_json (>= 1.7.5, < 2.0)
      multi_test (>= 0.1.1)
    currencies (0.4.2)
    dcm_client (0.2.0)
      faraday
      faraday_middleware
    devise (3.2.4)
      bcrypt (~> 3.0)
      orm_adapter (~> 0.1)
      railties (>= 3.2.6, < 5)
      thread_safe (~> 0.1)
      warden (~> 1.2.3)
    diff-lcs (1.2.5)
    domain_name (0.5.21)
      unf (>= 0.0.5, < 1.0.0)
    encryptor (1.3.0)
    enumify (0.0.7)
    erubis (2.7.0)
    factory_girl (4.4.0)
      activesupport (>= 3.0.0)
    factory_girl_rails (4.4.1)
      factory_girl (~> 4.4.0)
      railties (>= 3.0.0)
    fakeredis (0.5.0)
      redis (~> 3.0)
    faraday (0.9.0)
      multipart-post (>= 1.2, < 3)
    faraday_middleware (0.9.1)
      faraday (>= 0.7.4, < 0.10)
    fastercsv (1.5.5)
    ffi (1.9.3-java)
    formatador (0.2.5)
    gherkin (2.12.2-java)
      multi_json (~> 1.3)
    guard (2.6.1)
      formatador (>= 0.2.4)
      listen (~> 2.7)
      lumberjack (~> 1.0)
      pry (>= 0.9.12)
      thor (>= 0.18.1)
    guard-rspec (4.3.1)
      guard (~> 2.1)
      rspec (>= 2.14, < 4.0)
    haml (4.0.5)
      tilt
    highline (1.6.21)
    hike (1.2.3)
    http-cookie (1.0.2)
      domain_name (~> 0.5)
    httpi (2.1.0)
      rack
      rubyntlm (~> 0.3.2)
    i18n (0.6.11)
    jruby-rack (1.1.16)
    json (1.8.1-java)
    json_spec (1.1.2)
      multi_json (~> 1.0)
      rspec (>= 2.0, < 4.0)
    jwt (1.0.0)
    kaminari (0.16.1)
      actionpack (>= 3.0.0)
      activesupport (>= 3.0.0)
    listen (2.7.9)
      celluloid (>= 0.15.2)
      rb-fsevent (>= 0.9.3)
      rb-inotify (>= 0.9)
    little-plugger (1.1.3)
    lock_jar (0.10.0)
      naether (~> 0.13.1)
      thor (>= 0.18.1)
    log4r (1.1.10)
    logging (1.8.2)
      little-plugger (>= 1.1.3)
      multi_json (>= 1.8.4)
    lumberjack (1.0.9)
    mail (2.5.4)
      mime-types (~> 1.16)
      treetop (~> 1.4.8)
    mechanize (2.7.2)
      domain_name (~> 0.5, >= 0.5.1)
      http-cookie (~> 1.0.0)
      mime-types (~> 1.17, >= 1.17.2)
      net-http-digest_auth (~> 1.1, >= 1.1.1)
      net-http-persistent (~> 2.5, >= 2.5.2)
      nokogiri (~> 1.4)
      ntlm-http (~> 0.1, >= 0.1.1)
      webrobots (>= 0.0.9, < 0.2)
    metaclass (0.0.4)
    method_source (0.8.2)
    mime-types (1.25.1)
    minitest (5.4.2)
    mocha (1.1.0)
      metaclass (~> 0.0.1)
    mock_redis (0.13.2)
    multi_json (1.10.1)
    multi_test (0.1.1)
    multipart-post (2.0.0)
    naether (0.13.7-java)
    net-http-digest_auth (1.4)
    net-http-persistent (2.9.4)
    newrelic_rpm (3.9.5.251)
    nokogiri (1.6.3.1-java)
    ntlm-http (0.1.1)
    orm_adapter (0.5.0)
    phony (2.4.3)
    phony_rails (0.7.2)
      activesupport (>= 3.0)
      countries (>= 0.8.2)
      phony (~> 2.4.3)
    poltergeist (1.5.1)
      capybara (~> 2.1)
      cliver (~> 0.3.1)
      multi_json (~> 1.0)
      websocket-driver (>= 0.2.0)
    polyglot (0.3.5)
    poseidon (0.0.4.1)
    poseidon_cluster (0.2.0.1)
      poseidon
      zk
    protected_attributes (1.0.8)
      activemodel (>= 4.0.1, < 5.0)
    pry (0.10.1-java)
      coderay (~> 1.1.0)
      method_source (~> 0.8.1)
      slop (~> 3.4)
      spoon (~> 0.0)
    pry-rails (0.3.2)
      pry (>= 0.9.10)
    rabl (0.11.1)
      activesupport (>= 2.3.14)
    rack (1.5.2)
    rack-protection (1.5.3)
      rack
    rack-ssl (1.4.1)
      rack
    rack-test (0.6.2)
      rack (>= 1.0)
    rails (4.1.5)
      actionmailer (= 4.1.5)
      actionpack (= 4.1.5)
      actionview (= 4.1.5)
      activemodel (= 4.1.5)
      activerecord (= 4.1.5)
      activesupport (= 4.1.5)
      bundler (>= 1.3.0, < 2.0)
      railties (= 4.1.5)
      sprockets-rails (~> 2.0)
    rails-api (0.2.1)
      actionpack (>= 3.2.11)
      railties (>= 3.2.11)
    rails-erd (1.1.0)
      activerecord (>= 3.0)
      activesupport (>= 3.0)
      choice (~> 0.1.6)
      ruby-graphviz (~> 1.0.4)
    railties (4.1.5)
      actionpack (= 4.1.5)
      activesupport (= 4.1.5)
      rake (>= 0.8.7)
      thor (>= 0.18.1, < 2.0)
    rake (10.3.2)
    rb-fsevent (0.9.4)
    rb-inotify (0.9.5)
      ffi (>= 0.5.0)
    redis (3.1.0)
    redis-actionpack (4.0.0)
      actionpack (~> 4)
      redis-rack (~> 1.5.0)
      redis-store (~> 1.1.0)
    redis-activesupport (4.0.0.2)
      activesupport (~> 4)
      redis-store (~> 1.1.0)
    redis-namespace (1.5.1)
      redis (~> 3.0, >= 3.0.4)
    redis-rack (1.5.0)
      rack (~> 1.5)
      redis-store (~> 1.1.0)
    redis-rails (4.0.0)
      redis-actionpack (~> 4)
      redis-activesupport (~> 4)
      redis-store (~> 1.1.0)
    redis-store (1.1.4)
      redis (>= 2.2)
    request_exception_handler (0.5.0)
      actionpack (>= 2.1)
    rspec (3.1.0)
      rspec-core (~> 3.1.0)
      rspec-expectations (~> 3.1.0)
      rspec-mocks (~> 3.1.0)
    rspec-collection_matchers (1.0.0)
      rspec-expectations (>= 2.99.0.beta1)
    rspec-core (3.1.3)
      rspec-support (~> 3.1.0)
    rspec-expectations (3.1.1)
      diff-lcs (>= 1.2.0, < 2.0)
      rspec-support (~> 3.1.0)
    rspec-its (1.0.1)
      rspec-core (>= 2.99.0.beta1)
      rspec-expectations (>= 2.99.0.beta1)
    rspec-mocks (3.1.0)
      rspec-support (~> 3.1.0)
    rspec-rails (3.1.0)
      actionpack (>= 3.0)
      activesupport (>= 3.0)
      railties (>= 3.0)
      rspec-core (~> 3.1.0)
      rspec-expectations (~> 3.1.0)
      rspec-mocks (~> 3.1.0)
      rspec-support (~> 3.1.0)
    rspec-support (3.1.0)
    ruby-debug (0.10.4)
      columnize (>= 0.1)
      ruby-debug-base (~> 0.10.4.0)
    ruby-debug-base (0.10.4-java)
    ruby-graphviz (1.0.9)
    ruby2ruby (2.1.2)
      ruby_parser (~> 3.1)
      sexp_processor (~> 4.0)
    ruby_parser (3.5.0)
      sexp_processor (~> 4.1)
    rubyntlm (0.3.4)
    sass (3.4.4)
    sexp_processor (4.4.4)
    shoulda-matchers (2.7.0)
      activesupport (>= 3.0.0)
    sidekiq (3.2.6)
      celluloid (= 0.15.2)
      connection_pool (>= 2.0.0)
      json
      redis (>= 3.0.6)
      redis-namespace (>= 1.3.1)
    sidekiq-failures (0.4.3)
      sidekiq (>= 2.16.0)
    sidekiq-pro (1.9.1)
      sidekiq (>= 3.2.3)
    sidekiq-retries (0.3.0)
      sidekiq (~> 3.2, >= 3.2.4)
    sidekiq-throttler (0.4.1)
      activesupport
      sidekiq (>= 2.5, < 4.0)
    sidekiq-unique-jobs (3.0.2)
      mock_redis
      sidekiq (>= 2.6)
    simple_token_authentication (1.5.0)
      actionmailer (>= 3.2.6, < 5)
      activerecord (>= 3.2.6, < 5)
      devise (~> 3.2.0)
    sinatra (1.4.5)
      rack (~> 1.4)
      rack-protection (~> 1.4)
      tilt (~> 1.3, >= 1.3.4)
    slim (2.0.3)
      temple (~> 0.6.6)
      tilt (>= 1.3.3, < 2.1)
    slop (3.6.0)
    slyphon-log4j (1.2.15)
    slyphon-zookeeper_jar (3.3.5-java)
    spoon (0.0.4)
      ffi
    sprockets (2.12.2)
      hike (~> 1.2)
      multi_json (~> 1.0)
      rack (~> 1.0)
      tilt (~> 1.1, != 1.3.0)
    sprockets-rails (2.1.4)
      actionpack (>= 3.0)
      activesupport (>= 3.0)
      sprockets (~> 2.8)
    strip_attributes (1.5.1)
      activemodel (>= 3.0, < 5.0)
    temple (0.6.8)
    terminal-table (1.4.5)
    thor (0.19.1)
    thread_safe (0.3.4-java)
    tilt (1.4.1)
    timers (1.1.0)
    tms_client (0.5.3)
      activesupport
      faraday
      faraday_middleware
    treetop (1.4.15)
      polyglot
      polyglot (>= 0.3.1)
    trinidad (1.4.6)
      jruby-rack (~> 1.1.13)
      trinidad_jars (>= 1.3.0, < 1.5.0)
    trinidad_jars (1.4.0)
    twilio-ruby (3.13.1)
      builder (>= 2.1.2)
      jwt (~> 1.0.0)
      multi_json (>= 1.3.0)
    tzinfo (1.2.2)
      thread_safe (~> 0.1)
    unf (0.1.4-java)
    valid_email (0.0.7)
      activemodel
      mail
    validate_url (0.2.2)
      activemodel (>= 3.0.0)
      addressable
    warden (1.2.3)
      rack (>= 1.0)
    webrobots (0.1.1)
    websocket-driver (0.3.4-java)
    xpath (2.0.0)
      nokogiri (~> 1.3)
    yakety_yak (0.1.3)
      celluloid (~> 0.15.2)
      poseidon_cluster (~> 0.2.0.1)
    yaml_db (0.2.3)
    zk (1.9.4)
      logging (~> 1.8.2)
      zookeeper (~> 1.4.0)
    zookeeper (1.4.9-java)
      slyphon-log4j (= 1.2.15)
      slyphon-zookeeper_jar (= 3.3.5)

PLATFORMS
  java

DEPENDENCIES
  aasm
  activerecord-oracle_enhanced-adapter (= 1.5.5.3)
  addressable
  alphabetize
  attr_encrypted
  awesome_print
  brakeman
  capybara
  clockwork
  colored
  cucumber
  dcm_client
  devise
  enumify
  factory_girl_rails
  fakeredis
  faraday
  faraday_middleware
  guard-rspec
  httpi (= 2.1.0)
  json
  json_spec
  kaminari
  lock_jar (>= 0.8.0)
  log4r
  mail
  mechanize
  mocha
  newrelic_rpm
  nokogiri
  phony
  phony_rails
  poltergeist
  protected_attributes
  pry
  pry-debugger
  pry-rails
  rabl
  rack-ssl
  rails (~> 4.0)
  rails-api
  rails-erd
  redis-activesupport (= 4.0.0.2)
  redis-rails
  redis-store (= 1.1.4)
  request_exception_handler
  rspec-collection_matchers
  rspec-its
  rspec-rails
  ruby-debug
  ruby-oci8
  shoulda-matchers
  sidekiq-failures
  sidekiq-pro
  sidekiq-retries
  sidekiq-throttler
  sidekiq-unique-jobs
  simple_token_authentication
  sinatra
  slim
  strip_attributes
  tms_client
  trinidad
  twilio-ruby
  valid_email
  validate_url
  yakety_yak
  yaml_db
  zeus
