GIT
  remote: https://github.com/govdelivery/tms_client.git
  revision: 73ede269bb71a0570fbe3e48151e61a7bb8fea05
  ref: 73ede269bb71
  specs:
    tms_client (0.1.0)
      activesupport
      faraday
      faraday_middleware

GEM
  remote: http://buildbox.office.gdi:6789/
  remote: https://rubygems.org/
  specs:
    actionmailer (3.2.14)
      actionpack (= 3.2.14)
      mail (~> 2.5.4)
    actionpack (3.2.14)
      activemodel (= 3.2.14)
      activesupport (= 3.2.14)
      builder (~> 3.0.0)
      erubis (~> 2.7.0)
      journey (~> 1.0.4)
      rack (~> 1.4.5)
      rack-cache (~> 1.2)
      rack-test (~> 0.6.1)
      sprockets (~> 2.2.1)
    activemodel (3.2.14)
      activesupport (= 3.2.14)
      builder (~> 3.0.0)
    activerecord (3.2.14)
      activemodel (= 3.2.14)
      activesupport (= 3.2.14)
      arel (~> 3.0.2)
      tzinfo (~> 0.3.29)
    activerecord-oracle_enhanced-adapter (1.4.1.4)
    activeresource (3.2.14)
      activemodel (= 3.2.14)
      activesupport (= 3.2.14)
    activesupport (3.2.14)
      i18n (~> 0.6, >= 0.6.4)
      multi_json (~> 1.0)
    arel (3.0.2)
    attr_encrypted (1.2.1)
      encryptor (>= 1.1.1)
    bcrypt-ruby (3.1.1)
    bcrypt-ruby (3.1.1-java)
    builder (3.0.4)
    celluloid (0.15.1)
      timers (~> 1.1.0)
    choice (0.1.6)
    coderay (1.0.9)
    columnize (0.3.6)
    connection_pool (1.1.0)
    countries (0.9.2)
      currencies (>= 0.4.0)
    currencies (0.4.0)
    dcm_client (0.1.3)
      faraday
      faraday_middleware
      typhoeus
    debugger (1.5.0)
      columnize (>= 0.3.1)
      debugger-linecache (~> 1.2.0)
      debugger-ruby_core_source (~> 1.2.0)
    debugger-linecache (1.2.0)
    debugger-ruby_core_source (1.2.0)
    devise (3.0.0)
      bcrypt-ruby (~> 3.0)
      orm_adapter (~> 0.1)
      railties (>= 3.2.6, < 5)
      warden (~> 1.2.3)
    diff-lcs (1.2.1)
    encryptor (1.1.3)
    enumify (0.0.3)
    erubis (2.7.0)
    ethon (0.5.10)
      ffi (~> 1.3.0)
      mime-types (~> 1.18)
    factory_girl (4.2.0)
      activesupport (>= 3.0.0)
    factory_girl_rails (4.2.1)
      factory_girl (~> 4.2.0)
      railties (>= 3.0.0)
    faraday (0.8.7)
      multipart-post (~> 1.1)
    faraday_middleware (0.9.0)
      faraday (>= 0.7.4, < 0.9)
    ffi (1.3.1)
    ffi (1.3.1-java)
    guard (1.6.2)
      listen (>= 0.6.0)
      lumberjack (>= 1.0.2)
      pry (>= 0.9.10)
      terminal-table (>= 1.4.3)
      thor (>= 0.14.6)
    guard-rspec (2.5.1)
      guard (>= 1.1)
      rspec (~> 2.11)
    hike (1.2.3)
    i18n (0.6.5)
    jbundler (0.4.3)
      maven-tools (~> 0.32.1)
      ruby-maven (~> 3.0.4)
    journey (1.0.4)
    jruby-rack (1.1.13.2)
    json (1.8.0)
    json (1.8.0-java)
    json_spec (1.1.1)
      multi_json (~> 1.0)
      rspec (~> 2.0)
    jwt (0.1.8)
      multi_json (>= 1.5)
    kaminari (0.14.1)
      actionpack (>= 3.0.0)
      activesupport (>= 3.0.0)
    listen (0.7.3)
    log4r (1.1.10)
    lumberjack (1.0.2)
    mail (2.5.4)
      mime-types (~> 1.16)
      treetop (~> 1.4.8)
    maven-tools (0.32.5)
    metaclass (0.0.1)
    method_source (0.8.1)
    mime-types (1.24)
    mocha (0.13.3)
      metaclass (~> 0.0.1)
    multi_json (1.7.9)
    multipart-post (1.2.0)
    newrelic_rpm (3.6.4.122)
    orm_adapter (0.4.0)
    phony (1.9.0)
    phony_rails (0.2.0)
      activerecord (>= 3.0)
      countries (>= 0.8.2)
      phony (>= 1.7.7)
    polyglot (0.3.3)
    pry (0.9.12)
      coderay (~> 1.0.5)
      method_source (~> 0.8)
      slop (~> 3.4)
    pry (0.9.12-java)
      coderay (~> 1.0.5)
      method_source (~> 0.8)
      slop (~> 3.4)
      spoon (~> 0.0)
    pry-debugger (0.2.2)
      debugger (~> 1.3)
      pry (~> 0.9.10)
    rabl (0.8.0)
      activesupport (>= 2.3.14)
    rack (1.4.5)
    rack-cache (1.2)
      rack (>= 0.4)
    rack-protection (1.5.0)
      rack
    rack-ssl (1.3.3)
      rack
    rack-test (0.6.2)
      rack (>= 1.0)
    rails (3.2.14)
      actionmailer (= 3.2.14)
      actionpack (= 3.2.14)
      activerecord (= 3.2.14)
      activeresource (= 3.2.14)
      activesupport (= 3.2.14)
      bundler (~> 1.0)
      railties (= 3.2.14)
    rails-api (0.1.0)
      actionpack (>= 3.2.11)
      railties (>= 3.2.11)
      tzinfo (~> 0.3.31)
    rails-erd (1.1.0)
      activerecord (>= 3.0)
      activesupport (>= 3.0)
      choice (~> 0.1.6)
      ruby-graphviz (~> 1.0.4)
    railties (3.2.14)
      actionpack (= 3.2.14)
      activesupport (= 3.2.14)
      rack-ssl (~> 1.3.2)
      rake (>= 0.8.7)
      rdoc (~> 3.4)
      thor (>= 0.14.6, < 2.0)
    rake (10.1.0)
    rdoc (3.12.2)
      json (~> 1.4)
    redis (3.0.4)
    redis-actionpack (3.2.3)
      actionpack (~> 3.2.3)
      redis-rack (~> 1.4.0)
      redis-store (~> 1.1.0)
    redis-activesupport (3.2.3)
      activesupport (~> 3.2.3)
      redis-store (~> 1.1.0)
    redis-namespace (1.3.1)
      redis (~> 3.0.0)
    redis-rack (1.4.2)
      rack (~> 1.4.1)
      redis-store (~> 1.1.0)
    redis-rails (3.2.3)
      redis-actionpack (~> 3.2.3)
      redis-activesupport (~> 3.2.3)
      redis-store (~> 1.1.0)
    redis-store (1.1.3)
      redis (>= 2.2.0)
    request_exception_handler (0.4)
      actionpack (>= 2.1)
    rspec (2.13.0)
      rspec-core (~> 2.13.0)
      rspec-expectations (~> 2.13.0)
      rspec-mocks (~> 2.13.0)
    rspec-core (2.13.1)
    rspec-expectations (2.13.0)
      diff-lcs (>= 1.1.3, < 2.0)
    rspec-mocks (2.13.0)
    rspec-rails (2.13.0)
      actionpack (>= 3.0)
      activesupport (>= 3.0)
      railties (>= 3.0)
      rspec-core (~> 2.13.0)
      rspec-expectations (~> 2.13.0)
      rspec-mocks (~> 2.13.0)
    ruby-graphviz (1.0.8)
    ruby-maven (3.0.4.1.4)
      maven-tools (~> 0.32.3)
      thor (>= 0.14.6, < 2.0)
    ruby-oci8 (2.1.5)
    sidekiq (2.14.0)
      celluloid (>= 0.14.1)
      connection_pool (>= 1.0.0)
      json
      redis (>= 3.0.4)
      redis-namespace
    sidekiq-failures (0.2.2)
      sidekiq (>= 2.9.0)
    sidekiq-unique-jobs (2.6.7)
      sidekiq (~> 2.6)
    sinatra (1.4.3)
      rack (~> 1.4)
      rack-protection (~> 1.4)
      tilt (~> 1.3, >= 1.3.4)
    slim (2.0.0)
      temple (~> 0.6.5)
      tilt (~> 1.3, >= 1.3.3)
    slop (3.4.4)
    spoon (0.0.1)
    sprockets (2.2.2)
      hike (~> 1.2)
      multi_json (~> 1.0)
      rack (~> 1.0)
      tilt (~> 1.1, != 1.3.0)
    strip_attributes (1.4.1)
      activemodel (~> 3.0)
    temple (0.6.5)
    terminal-table (1.4.5)
    thor (0.18.1)
    tilt (1.4.1)
    timers (1.1.0)
    treetop (1.4.15)
      polyglot
      polyglot (>= 0.3.1)
    trinidad (1.4.5)
      jruby-rack (>= 1.1.13)
      trinidad_jars (>= 1.2.3)
    trinidad_dbpool (0.4.3)
      trinidad_jars (>= 1.2.0)
    trinidad_jars (1.2.4)
    trinidad_oracle_dbpool_extension (0.3.0)
      trinidad_dbpool
      trinidad_dbpool
    trinidad_scheduler_extension (0.1.2)
      trinidad_jars
    twilio-ruby (3.9.0)
      builder (>= 2.1.2)
      jwt (>= 0.1.2)
      multi_json (>= 1.3.0)
    typhoeus (0.6.2)
      ethon (~> 0.5.10)
    tzinfo (0.3.37)
    valid_email (0.0.4)
      activemodel
      mail
    warden (1.2.3)
      rack (>= 1.0)
    zeus (0.13.3)
      method_source (>= 0.6.7)

PLATFORMS
  java
  ruby

DEPENDENCIES
  activerecord-oracle_enhanced-adapter (= 1.4.1.4)
  attr_encrypted
  dcm_client
  devise
  enumify
  factory_girl_rails
  faraday
  faraday_middleware
  guard-rspec
  jbundler
  json_spec
  kaminari
  log4r
  mocha
  newrelic_rpm
  phony
  phony_rails
  pry
  pry-debugger
  rabl
  rails (~> 3.2.13)
  rails-api
  rails-erd
  redis-rails
  redis-store (= 1.1.3)
  request_exception_handler
  rspec-rails
  ruby-oci8
  sidekiq
  sidekiq-failures
  sidekiq-unique-jobs
  sinatra
  slim
  strip_attributes
  tms_client!
  trinidad
  trinidad_oracle_dbpool_extension
  trinidad_scheduler_extension
  twilio-ruby
  typhoeus
  valid_email
  zeus
