GEM
  remote: http://prod-rubygems1-ep.tops.gdi/
  remote: https://rubygems.org/
  remote: http://ed5779be:de10e893@www.mikeperham.com/rubygems/
  specs:
    actionmailer (3.2.17)
      actionpack (= 3.2.17)
      mail (~> 2.5.4)
    actionpack (3.2.17)
      activemodel (= 3.2.17)
      activesupport (= 3.2.17)
      builder (~> 3.0.0)
      erubis (~> 2.7.0)
      journey (~> 1.0.4)
      rack (~> 1.4.5)
      rack-cache (~> 1.2)
      rack-test (~> 0.6.1)
      sprockets (~> 2.2.1)
    activemodel (3.2.17)
      activesupport (= 3.2.17)
      builder (~> 3.0.0)
    activerecord (3.2.17)
      activemodel (= 3.2.17)
      activesupport (= 3.2.17)
      arel (~> 3.0.2)
      tzinfo (~> 0.3.29)
    activerecord-oracle_enhanced-adapter (1.4.3.5)
    activeresource (3.2.17)
      activemodel (= 3.2.17)
      activesupport (= 3.2.17)
    activesupport (3.2.17)
      i18n (~> 0.6, >= 0.6.4)
      multi_json (~> 1.0)
    arel (3.0.3)
    atomic (1.1.14)
    atomic (1.1.14-java)
    attr_encrypted (1.2.1)
      encryptor (>= 1.1.1)
    bcrypt-ruby (3.1.2)
    bcrypt-ruby (3.1.2-java)
    brakeman (2.4.3)
      erubis (~> 2.6)
      fastercsv (~> 1.5)
      haml (>= 3.0, < 5.0)
      highline (~> 1.6.20)
      multi_json (~> 1.2)
      ruby2ruby (~> 2.0.5)
      ruby_parser (~> 3.4.0)
      sass (~> 3.0)
      slim (>= 1.3.6, < 3.0)
      terminal-table (~> 1.4)
    builder (3.0.4)
    celluloid (0.15.2)
      timers (~> 1.1.0)
    choice (0.1.6)
    clockwork (0.7.2)
      activesupport
      tzinfo
    coderay (1.0.9)
    columnize (0.3.6)
    connection_pool (1.2.0)
    countries (0.9.3)
      currencies (~> 0.4.2)
    currencies (0.4.2)
    dcm_client (0.1.5)
      faraday
      faraday_middleware
      typhoeus
    debugger (1.6.2)
      columnize (>= 0.3.1)
      debugger-linecache (~> 1.2.0)
      debugger-ruby_core_source (~> 1.2.3)
    debugger-linecache (1.2.0)
    debugger-ruby_core_source (1.2.3)
    devise (3.1.1)
      bcrypt-ruby (~> 3.0)
      orm_adapter (~> 0.1)
      railties (>= 3.2.6, < 5)
      thread_safe (~> 0.1)
      warden (~> 1.2.3)
    diff-lcs (1.2.4)
    encryptor (1.1.3)
    enumify (0.0.5)
    erubis (2.7.0)
    ethon (0.6.1)
      ffi (>= 1.3.0)
      mime-types (~> 1.18)
    factory_girl (4.3.0)
      activesupport (>= 3.0.0)
    factory_girl_rails (4.3.0)
      factory_girl (~> 4.3.0)
      railties (>= 3.0.0)
    fakeredis (0.4.3)
      redis (~> 3.0.0)
    faraday (0.8.9)
      multipart-post (~> 1.2.0)
    faraday_middleware (0.9.0)
      faraday (>= 0.7.4, < 0.9)
    fastercsv (1.5.5)
    ffi (1.9.3)
    ffi (1.9.3-java)
    formatador (0.2.4)
    guard (2.2.2)
      formatador (>= 0.2.4)
      listen (~> 2.1)
      lumberjack (~> 1.0)
      pry (>= 0.9.12)
      thor (>= 0.18.1)
    guard-rspec (4.0.3)
      guard (>= 2.1.1)
      rspec (~> 2.14)
    haml (4.0.5)
      tilt
    highline (1.6.21)
    hike (1.2.3)
    i18n (0.6.9)
    journey (1.0.4)
    jruby-rack (1.1.14)
    json (1.8.1)
    json (1.8.1-java)
    json_spec (1.1.1)
      multi_json (~> 1.0)
      rspec (~> 2.0)
    jwt (0.1.8)
      multi_json (>= 1.5)
    kaminari (0.15.1)
      actionpack (>= 3.0.0)
      activesupport (>= 3.0.0)
    linecache (0.46)
      rbx-require-relative (> 0.0.4)
    listen (2.2.0)
      celluloid (>= 0.15.2)
      rb-fsevent (>= 0.9.3)
      rb-inotify (>= 0.9)
    lock_jar (0.8.0)
      naether (~> 0.10.1)
      thor (~> 0.18.1)
    log4r (1.1.10)
    lumberjack (1.0.4)
    mail (2.5.4)
      mime-types (~> 1.16)
      treetop (~> 1.4.8)
    metaclass (0.0.1)
    method_source (0.8.2)
    mime-types (1.25.1)
    mocha (0.14.0)
      metaclass (~> 0.0.1)
    mock_redis (0.10.0)
    multi_json (1.8.4)
    multipart-post (1.2.0)
    naether (0.10.1-java)
    newrelic_rpm (3.7.0.177)
    orm_adapter (0.4.0)
    phony (2.1.4)
    phony_rails (0.6.0)
      activesupport (>= 3.0)
      countries (>= 0.8.2)
      phony (~> 2.1)
    polyglot (0.3.4)
    pry (0.9.12.2)
      coderay (~> 1.0.5)
      method_source (~> 0.8)
      slop (~> 3.4)
    pry (0.9.12.2-java)
      coderay (~> 1.0.5)
      method_source (~> 0.8)
      slop (~> 3.4)
      spoon (~> 0.0)
    pry-debugger (0.2.2)
      debugger (~> 1.3)
      pry (~> 0.9.10)
    rabl (0.9.3)
      activesupport (>= 2.3.14)
    rack (1.4.5)
    rack-cache (1.2)
      rack (>= 0.4)
    rack-protection (1.5.1)
      rack
    rack-ssl (1.3.3)
      rack
    rack-test (0.6.2)
      rack (>= 1.0)
    rails (3.2.17)
      actionmailer (= 3.2.17)
      actionpack (= 3.2.17)
      activerecord (= 3.2.17)
      activeresource (= 3.2.17)
      activesupport (= 3.2.17)
      bundler (~> 1.0)
      railties (= 3.2.17)
    rails-api (0.1.0)
      actionpack (>= 3.2.11)
      railties (>= 3.2.11)
      tzinfo (~> 0.3.31)
    rails-erd (1.1.0)
      activerecord (>= 3.0)
      activesupport (>= 3.0)
      choice (~> 0.1.6)
      ruby-graphviz (~> 1.0.4)
    railties (3.2.17)
      actionpack (= 3.2.17)
      activesupport (= 3.2.17)
      rack-ssl (~> 1.3.2)
      rake (>= 0.8.7)
      rdoc (~> 3.4)
      thor (>= 0.14.6, < 2.0)
    rake (10.1.1)
    rb-fsevent (0.9.3)
    rb-inotify (0.9.2)
      ffi (>= 0.5.0)
    rbx-require-relative (0.0.9)
    rdoc (3.12.2)
      json (~> 1.4)
    redis (3.0.7)
    redis-actionpack (3.2.3)
      actionpack (~> 3.2.3)
      redis-rack (~> 1.4.0)
      redis-store (~> 1.1.0)
    redis-activesupport (3.2.4)
      activesupport (~> 3.2.0)
      redis-store (~> 1.1.0)
    redis-namespace (1.4.1)
      redis (~> 3.0.4)
    redis-rack (1.4.3)
      rack (~> 1.4.0)
      redis-store (~> 1.1.0)
    redis-rails (3.2.3)
      redis-actionpack (~> 3.2.3)
      redis-activesupport (~> 3.2.3)
      redis-store (~> 1.1.0)
    redis-store (1.1.3)
      redis (>= 2.2.0)
    request_exception_handler (0.4)
      actionpack (>= 2.1)
    rspec (2.14.1)
      rspec-core (~> 2.14.0)
      rspec-expectations (~> 2.14.0)
      rspec-mocks (~> 2.14.0)
    rspec-core (2.14.7)
    rspec-expectations (2.14.3)
      diff-lcs (>= 1.1.3, < 2.0)
    rspec-mocks (2.14.4)
    rspec-rails (2.14.0)
      actionpack (>= 3.0)
      activesupport (>= 3.0)
      railties (>= 3.0)
      rspec-core (~> 2.14.0)
      rspec-expectations (~> 2.14.0)
      rspec-mocks (~> 2.14.0)
    ruby-debug (0.10.4)
      columnize (>= 0.1)
      ruby-debug-base (~> 0.10.4.0)
    ruby-debug-base (0.10.4)
      linecache (>= 0.3)
    ruby-debug-base (0.10.4-java)
    ruby-graphviz (1.0.9)
    ruby-oci8 (2.1.5)
    ruby2ruby (2.0.8)
      ruby_parser (~> 3.1)
      sexp_processor (~> 4.0)
    ruby_parser (3.4.1)
      sexp_processor (~> 4.1)
    sass (3.3.4)
    sexp_processor (4.4.3)
    shoulda-matchers (2.5.0)
      activesupport (>= 3.0.0)
    sidekiq (2.17.7)
      celluloid (>= 0.15.2)
      connection_pool (>= 1.0.0)
      json
      redis (>= 3.0.6)
      redis-namespace (>= 1.3.1)
    sidekiq-failures (0.3.0)
      sidekiq (>= 2.14.0)
    sidekiq-pro (1.4.3)
      sidekiq (>= 2.17.5)
    sidekiq-retries (0.0.1)
      sidekiq (~> 2.17)
    sidekiq-unique-jobs (2.7.0)
      mock_redis
      sidekiq (~> 2.6)
    sinatra (1.4.4)
      rack (~> 1.4)
      rack-protection (~> 1.4)
      tilt (~> 1.3, >= 1.3.4)
    slim (2.0.2)
      temple (~> 0.6.6)
      tilt (>= 1.3.3, < 2.1)
    slop (3.4.6)
    spoon (0.0.4)
      ffi
    sprockets (2.2.2)
      hike (~> 1.2)
      multi_json (~> 1.0)
      rack (~> 1.0)
      tilt (~> 1.1, != 1.3.0)
    strip_attributes (1.4.4)
      activemodel (>= 3.0, < 5.0)
    temple (0.6.7)
    terminal-table (1.4.5)
    thor (0.18.1)
    thread_safe (0.1.3)
      atomic
    thread_safe (0.1.3-java)
      atomic
    tilt (1.4.1)
    timers (1.1.0)
    tms_client (0.4.1)
      activesupport
      faraday
      faraday_middleware
    treetop (1.4.15)
      polyglot
      polyglot (>= 0.3.1)
    trinidad (1.4.6)
      jruby-rack (~> 1.1.13)
      trinidad_jars (>= 1.3.0, < 1.5.0)
    trinidad_dbpool (0.7.0)
      trinidad_jars (>= 1.2.4)
    trinidad_generic_dbpool_extension (0.7.0)
      trinidad_dbpool (>= 0.7.0)
    trinidad_jars (1.3.0)
    twilio-ruby (3.11.4)
      builder (>= 2.1.2)
      jwt (>= 0.1.2)
      multi_json (>= 1.3.0)
    typhoeus (0.6.6)
      ethon (~> 0.6.1)
    tzinfo (0.3.38)
    valid_email (0.0.4)
      activemodel
      mail
    warden (1.2.3)
      rack (>= 1.0)
    yaml_db (0.2.3)
    zeus (0.13.3)
      method_source (>= 0.6.7)

PLATFORMS
  java
  ruby

DEPENDENCIES
  activerecord-oracle_enhanced-adapter (= 1.4.3.5)
  attr_encrypted
  brakeman
  clockwork
  dcm_client (~> 0.1.4)
  devise
  enumify
  factory_girl_rails
  fakeredis
  faraday
  faraday_middleware
  guard-rspec
  json_spec
  kaminari
  lock_jar (>= 0.8.0)
  log4r
  mocha
  newrelic_rpm
  phony
  phony_rails
  pry
  pry-debugger
  rabl
  rails (~> 3.2.13)
  rails-api
  rails-erd
  redis-rails
  redis-store (= 1.1.3)
  request_exception_handler
  rspec-rails
  ruby-debug
  ruby-oci8
  shoulda-matchers
  sidekiq-failures
  sidekiq-pro
  sidekiq-retries
  sidekiq-unique-jobs
  sinatra
  slim
  strip_attributes
  tms_client
  trinidad
  trinidad_generic_dbpool_extension
  twilio-ruby
  typhoeus
  valid_email
  yaml_db
  zeus
