GIT
  remote: https://github.com/postmodern/rubygems-tasks.git
  revision: f5def3317720d2004c8ae237190a2efbc425ff0a
  specs:
    rubygems-tasks (0.2.5)
      irb (~> 1.0)

PATH
  remote: .
  specs:
    govdelivery-tms (2.8.4)
      activesupport
      faraday
      faraday_middleware
      mime-types

GEM
  remote: https://rubygems.org/
  specs:
    activesupport (5.2.3)
      concurrent-ruby (~> 1.0, >= 1.0.2)
      i18n (>= 0.7, < 2)
      minitest (~> 5.1)
      tzinfo (~> 1.1)
    appraisal (2.2.0)
      bundler
      rake
      thor (>= 0.14.0)
    concurrent-ruby (1.1.5)
    diff-lcs (1.3)
    docile (1.3.2)
    faraday (0.17.0)
      multipart-post (>= 1.2, < 3)
    faraday_middleware (0.13.1)
      faraday (>= 0.7.4, < 1.0)
    i18n (1.7.0)
      concurrent-ruby (~> 1.0)
    io-console (0.5.6)
    irb (1.2.4)
      reline (>= 0.0.1)
    json (2.3.1)
    json (2.3.1-java)
    mail (2.7.1)
      mini_mime (>= 0.1.1)
    mime-types (3.3)
      mime-types-data (~> 3.2015)
    mime-types-data (3.2019.1009)
    mini_mime (1.0.2)
    minitest (5.12.2)
    multipart-post (2.1.1)
    rake (13.0.0)
    redcarpet (3.5.0)
    reline (0.1.4)
      io-console (~> 0.5)
    rspec (3.9.0)
      rspec-core (~> 3.9.0)
      rspec-expectations (~> 3.9.0)
      rspec-mocks (~> 3.9.0)
    rspec-core (3.9.0)
      rspec-support (~> 3.9.0)
    rspec-expectations (3.9.0)
      diff-lcs (>= 1.2.0, < 2.0)
      rspec-support (~> 3.9.0)
    rspec-its (1.3.0)
      rspec-core (>= 3.0.0)
      rspec-expectations (>= 3.0.0)
    rspec-mocks (3.9.0)
      diff-lcs (>= 1.2.0, < 2.0)
      rspec-support (~> 3.9.0)
    rspec-support (3.9.0)
    simplecov (0.17.1)
      docile (~> 1.1)
      json (>= 1.8, < 3)
      simplecov-html (~> 0.10.0)
    simplecov-cobertura (1.3.1)
      simplecov (~> 0.8)
    simplecov-html (0.10.2)
    thor (0.20.3)
    thread_safe (0.3.6)
    thread_safe (0.3.6-java)
    tzinfo (1.2.5)
      thread_safe (~> 0.1)
    yard (0.9.20)

PLATFORMS
  java
  ruby

DEPENDENCIES
  appraisal
  govdelivery-tms!
  mail
  rake
  redcarpet
  rspec
  rspec-its
  rubygems-tasks!
  simplecov
  simplecov-cobertura
  yard

BUNDLED WITH
   2.0.2
